PATH
  remote: .
  specs:
    star_ethernet (0.1.4)
      net-telnet

GEM
  remote: https://rubygems.org/
  specs:
    diff-lcs (1.3)
    net-telnet (0.1.1)
    rake (12.3.2)
    rspec (3.8.0)
      rspec-core (~> 3.8.0)
      rspec-expectations (~> 3.8.0)
      rspec-mocks (~> 3.8.0)
    rspec-core (3.8.0)
      rspec-support (~> 3.8.0)
    rspec-expectations (3.8.2)
      diff-lcs (>= 1.2.0, < 2.0)
      rspec-support (~> 3.8.0)
    rspec-mocks (3.8.0)
      diff-lcs (>= 1.2.0, < 2.0)
      rspec-support (~> 3.8.0)
    rspec-support (3.8.0)

PLATFORMS
  ruby

DEPENDENCIES
  bundler (~> 2.0.1)
  rake (~> 12.3.2)
  rspec (~> 3.8.0)
  star_ethernet!

BUNDLED WITH
   2.0.1
